PATH
  remote: .
  specs:
    tracemake (0.1.0)
      json (~> 2.0)

GEM
  remote: https://rubygems.org/
  specs:
    json (2.8.1)
    power_assert (2.0.5)
    rake (13.2.1)
    test-unit (3.6.8)
      power_assert

PLATFORMS
  arm64-darwin-24
  ruby

DEPENDENCIES
  rake (~> 13.0)
  test-unit (~> 3.0)
  tracemake!

BUNDLED WITH
   2.6.0.dev
